GEM
  remote: http://rubygems.org/
  specs:
    atk (1.0.3)
      glib2 (>= 1.0.3)
    barometer (0.7.3)
      httparty (>= 0.4.5)
      nokogiri
      tzinfo (>= 0.3.14)
    cairo (1.10.1)
    gdk_pixbuf2 (1.0.3)
      glib2 (>= 1.0.3)
    glib2 (1.0.3)
      pkg-config
    green_shoes (1.0.320)
      gtk2
    gtk2 (1.0.3)
      atk (>= 1.0.3)
      gdk_pixbuf2 (>= 1.0.3)
      pango (>= 1.0.3)
    httparty (0.8.1)
      multi_json
      multi_xml
    multi_json (1.0.3)
    multi_xml (0.4.1)
    nokogiri (1.5.0)
    pango (1.0.3)
      cairo (>= 1.10.0)
      glib2 (>= 1.0.3)
    pkg-config (1.1.2)
    tzinfo (0.3.30)

PLATFORMS
  ruby

DEPENDENCIES
  barometer
  green_shoes
